PATH
  remote: .
  specs:
    tribalcollege-cli (0.1.0)

GEM
  remote: https://rubygems.org/
  specs:
    rake (13.0.1)

PLATFORMS
  ruby

DEPENDENCIES
  bundler (~> 1.16)
  rake (~> 13.0)
  tribalcollege-cli!

BUNDLED WITH
   1.16.5
