PATH
  remote: .
  specs:
    tribalcollege-cli (0.1.0)

GEM
  remote: https://rubygems.org/
  specs:
    mini_portile2 (2.3.0)
    nokogiri (1.8.2)
      mini_portile2 (~> 2.3.0)
    rake (10.4.2)

PLATFORMS
  ruby

DEPENDENCIES
  bundler (~> 1.16)
  nokogiri (= 1.8.2)
  rake (~> 10.0)
  tribalcollege-cli!

BUNDLED WITH
   1.16.5
