PATH
  remote: .
  specs:
    tribalcollege-cli (0.1.0)

GEM
  remote: https://rubygems.org/
  specs:
    mini_portile (0.6.2)
    nokogiri (1.6.6.2)
      mini_portile (~> 0.6.0)
    rake (10.4.2)

PLATFORMS
  ruby

DEPENDENCIES
  bundler (~> 1.16)
  nokogiri (= 1.6.6.2)
  rake (~> 10.0)
  tribalcollege-cli!

BUNDLED WITH
   1.16.5
